GEM
  specs:
    childprocess (0.2.3)
      ffi (~> 1.0.6)
    columnize (0.3.4)
    diff-lcs (1.1.2)
    ffi (1.0.11)
    linecache (0.46)
      rbx-require-relative (> 0.0.4)
    multi_json (1.0.4)
    rbx-require-relative (0.0.5)
    rspec (2.7.0)
      rspec-core (~> 2.7.0)
      rspec-expectations (~> 2.7.0)
      rspec-mocks (~> 2.7.0)
    rspec-core (2.7.1)
    rspec-expectations (2.7.0)
      diff-lcs (~> 1.1.2)
    rspec-mocks (2.7.0)
    ruby-debug (0.10.4)
      columnize (>= 0.1)
      ruby-debug-base (~> 0.10.4.0)
    ruby-debug-base (0.10.4)
      linecache (>= 0.3)
    rubyzip (0.9.5)
    selenium-webdriver (2.14.0)
      childprocess (>= 0.2.1)
      ffi (~> 1.0.9)
      multi_json (~> 1.0.4)
      rubyzip
    watir-webdriver (0.3.9)
      selenium-webdriver (>= 2.12.0)

PLATFORMS
  ruby

DEPENDENCIES
  bundler (~> 1.0.21)
  rspec (~> 2.7.0)
  ruby-debug
  watir-webdriver (~> 0.3.9)
